GEM
  remote: https://rubygems.org/
  specs:
    concurrent-ruby (1.1.5)
    kgio (2.11.3)
    mustermann (1.1.1)
      ruby2_keywords (~> 0.0.1)
    rack (2.1.1)
    rack-protection (2.0.8.1)
      rack
    raindrops (0.19.1)
    ruby2_keywords (0.0.2)
    sinatra (2.0.8.1)
      mustermann (~> 1.0)
      rack (~> 2.0)
      rack-protection (= 2.0.8.1)
      tilt (~> 2.0)
    sinatra-partial (1.0.1)
      sinatra (>= 1.4)
    sprockets (3.7.2)
      concurrent-ruby (~> 1.0)
      rack (> 1, < 3)
    tilt (2.0.10)
    unicorn (5.5.2)
      kgio (~> 2.6)
      raindrops (~> 0.7)

PLATFORMS
  ruby

DEPENDENCIES
  sinatra
  sinatra-partial
  sprockets
  unicorn

BUNDLED WITH
   1.16.2
